PATH
  remote: .
  specs:
    jillian_palindrome (0.1.0)

GEM
  remote: https://rubygems.org/
  specs:
    ansi (1.5.0)
    builder (3.3.0)
    minitest (5.24.1)
    minitest-reporters (1.2.0)
      ansi
      builder
      minitest (>= 5.0)
      ruby-progressbar
    rake (13.2.1)
    ruby-progressbar (1.13.0)

PLATFORMS
  x86_64-darwin-19

DEPENDENCIES
  jillian_palindrome!
  minitest (~> 5.0)
  minitest-reporters (= 1.2.0)
  rake (~> 13.0)

BUNDLED WITH
   2.3.10
